GEM
  remote: http://rubygems.org/
  specs:
    activesupport (3.0.0)
    json_pure (1.4.6)
    mail (2.2.7)
      activesupport (>= 2.3.6)
      mime-types
      treetop (>= 1.4.5)
    mime-types (1.16)
    polyglot (0.3.1)
    rake (0.8.7)
    rspec (1.3.0)
    treetop (1.4.8)
      polyglot (>= 0.3.1)

PLATFORMS
  ruby

DEPENDENCIES
  json_pure
  mail
  rake
  rspec
